GEM
  remote: http://rubygems.org/
  specs:
    builder (3.2.2)
    colored (1.2)
    cri (2.3.0)
      colored (>= 1.2)
    nanoc (3.6.4)
      cri (~> 2.3)
    rake (0.9.2.2)

PLATFORMS
  ruby

DEPENDENCIES
  builder
  nanoc
  rake
