GEM
  remote: http://rubygems.org/
  specs:
    adsf (1.0.1)
      rack (>= 1.0.0)
    builder (3.0.0)
    cri (2.1.0)
    mime-types (1.17.2)
    nanoc (3.3.1)
      cri (~> 2.1)
    rack (1.4.1)

PLATFORMS
  ruby

DEPENDENCIES
  adsf
  builder
  mime-types
  nanoc
  rack
